GEM
  remote: http://rubygems.org/
  specs:
    file-tail (1.1.1)
      tins (~> 1.0)
    ruby2ruby (2.3.0)
      ruby_parser (~> 3.1)
      sexp_processor (~> 4.0)
    ruby_parser (3.8.2)
      sexp_processor (~> 4.1)
    sexp_processor (4.7.0)
    sourcify (0.5.0)
      file-tail (>= 1.0.5)
      ruby2ruby (>= 1.2.5)
      ruby_parser (>= 2.0.5)
      sexp_processor (>= 3.0.5)
    tins (1.10.2)

PLATFORMS
  ruby

DEPENDENCIES
  sourcify

BUNDLED WITH
   1.12.3
